PATH
  remote: .
  specs:
    clientside_aws (0.0.16)
      aws-sdk (~> 2.0)
      aws-sdk-v1 (= 1.59.0)
      backports (= 3.6.3)
      builder (= 3.1.4)
      httparty (= 0.11.0)
      macaddr (= 1.6.7)
      mini_portile (= 0.5.2)
      monkey-lib (= 0.5.4)
      multi_json (= 1.10.1)
      multi_xml (= 0.5.3)
      nokogiri (= 1.6.1)
      rack (= 1.5.2)
      rack-cors (= 0.2.9)
      rack-protection (= 1.5.3)
      redis (= 3.2.0)
      sinatra (= 1.4.2)
      sinatra-advanced-routes (= 0.5.3)
      sinatra-reloader (= 0.5.0)
      sinatra-sugar (= 0.5.1)
      systemu (= 2.6.4)
      thin (= 1.6.3)
      tilt (= 1.3.6)
      uuid (= 2.3.1)
      uuidtools (= 2.1.4)

GEM
  remote: https://rubygems.org/
  specs:
    aws-sdk (2.6.36)
      aws-sdk-resources (= 2.6.36)
    aws-sdk-core (2.6.36)
      aws-sigv4 (~> 1.0)
      jmespath (~> 1.0)
    aws-sdk-resources (2.6.36)
      aws-sdk-core (= 2.6.36)
    aws-sigv4 (1.0.0)
    aws-sdk-v1 (1.59.0)
      json (~> 1.4)
      nokogiri (>= 1.4.4)
    backports (3.6.3)
    builder (3.1.4)
    daemons (1.2.4)
    diff-lcs (1.2.5)
    eventmachine (1.2.1)
    httparty (0.11.0)
      multi_json (~> 1.0)
      multi_xml (>= 0.5.2)
    json (1.8.2)
    jmespath (1.3.1)
    macaddr (1.6.7)
      systemu (~> 2.6.2)
    mini_portile (0.5.2)
    monkey-lib (0.5.4)
      backports
    multi_json (1.10.1)
    multi_xml (0.5.3)
    nokogiri (1.6.1)
      mini_portile (~> 0.5.0)
    rack (1.5.2)
    rack-cors (0.2.9)
    rack-protection (1.5.3)
      rack
    rack-test (0.5.7)
      rack (>= 1.0)
    redis (3.2.0)
    rspec (2.14.1)
      rspec-core (~> 2.14.0)
      rspec-expectations (~> 2.14.0)
      rspec-mocks (~> 2.14.0)
    rspec-core (2.14.8)
    rspec-expectations (2.14.5)
      diff-lcs (>= 1.1.3, < 2.0)
    rspec-mocks (2.14.6)
    sinatra (1.4.2)
      rack (~> 1.5, >= 1.5.2)
      rack-protection (~> 1.4)
      tilt (~> 1.3, >= 1.3.4)
    sinatra-advanced-routes (0.5.3)
      sinatra (~> 1.0)
    sinatra-reloader (0.5.0)
      sinatra (~> 1.0)
      sinatra-advanced-routes (~> 0.5.0)
    sinatra-sugar (0.5.1)
      monkey-lib (~> 0.5.0)
      sinatra (~> 1.0)
    systemu (2.6.4)
    thin (1.6.3)
      daemons (~> 1.0, >= 1.0.9)
      eventmachine (~> 1.0)
      rack (~> 1.0)
    tilt (1.3.6)
    uuid (2.3.1)
      macaddr (~> 1.0)
    uuidtools (2.1.4)

PLATFORMS
  ruby

DEPENDENCIES
  bundler (~> 1.3)
  clientside_aws!
  rack-test (= 0.5.7)
  rspec (= 2.14.1)

BUNDLED WITH
   1.13.6
