GEM
  remote: http://rubygems.org/
  specs:
    aws-sdk (1.20.0)
      json (~> 1.4)
      nokogiri (>= 1.4.4, < 1.6.0)
      uuidtools (~> 2.1)
    backports (2.6.4)
    builder (3.1.0)
    diff-lcs (1.1.3)
    json (1.8.1)
    macaddr (1.6.1)
      systemu (~> 2.5.0)
    monkey-lib (0.5.4)
      backports
    nokogiri (1.5.11)
    rack (1.5.2)
    rack-cors (0.2.9)
    rack-protection (1.5.2)
      rack
    rack-test (0.5.7)
      rack (>= 1.0)
    redis (3.0.1)
    rspec (2.5.0)
      rspec-core (~> 2.5.0)
      rspec-expectations (~> 2.5.0)
      rspec-mocks (~> 2.5.0)
    rspec-core (2.5.2)
    rspec-expectations (2.5.0)
      diff-lcs (~> 1.1.2)
    rspec-mocks (2.5.0)
    sinatra (1.4.2)
      rack (~> 1.5, >= 1.5.2)
      rack-protection (~> 1.4)
      tilt (~> 1.3, >= 1.3.4)
    sinatra-advanced-routes (0.5.1)
      monkey-lib (~> 0.5.0)
      sinatra (~> 1.0)
      sinatra-sugar (~> 0.5.0)
    sinatra-reloader (0.5.0)
      sinatra (~> 1.0)
      sinatra-advanced-routes (~> 0.5.0)
    sinatra-sugar (0.5.1)
      monkey-lib (~> 0.5.0)
      sinatra (~> 1.0)
    systemu (2.5.2)
    tilt (1.4.1)
    uuid (2.3.1)
      macaddr (~> 1.0)
    uuidtools (2.1.4)

PLATFORMS
  ruby

DEPENDENCIES
  aws-sdk (= 1.20.0)
  builder (= 3.1.0)
  rack (= 1.5.2)
  rack-cors (= 0.2.9)
  rack-test (= 0.5.7)
  redis (= 3.0.1)
  rspec (= 2.5.0)
  sinatra (= 1.4.2)
  sinatra-reloader (= 0.5.0)
  uuid (= 2.3.1)
