GEM
  remote: https://rubygems.org/
  specs:
    addressable (2.5.2)
      public_suffix (>= 2.0.2, < 4.0)
    aws-sdk (2.10.26)
      aws-sdk-resources (= 2.10.26)
    aws-sdk-core (2.10.26)
      aws-sigv4 (~> 1.0)
      jmespath (~> 1.0)
    aws-sdk-resources (2.10.26)
      aws-sdk-core (= 2.10.26)
    aws-sdk-v1 (1.66.0)
      json (~> 1.4)
      nokogiri (>= 1.4.4)
    aws-sigv4 (1.0.2)
    backports (3.10.0)
    builder (3.1.4)
    coderay (1.1.2)
    crack (0.4.3)
      safe_yaml (~> 1.0.0)
    diff-lcs (1.3)
    hashdiff (0.3.7)
    httparty (0.15.6)
      multi_xml (>= 0.5.2)
    jmespath (1.3.1)
    json (1.8.6)
    json_pure (1.8.6)
    macaddr (1.7.1)
      systemu (~> 2.6.2)
    method_source (0.9.0)
    mini_portile2 (2.3.0)
    monkey-lib (0.5.4)
      backports
    multi_xml (0.6.0)
    nokogiri (1.8.1)
      mini_portile2 (~> 2.3.0)
    pry (0.11.1)
      coderay (~> 1.1.0)
      method_source (~> 0.9.0)
    public_suffix (3.0.0)
    rack (1.5.2)
    rack-cors (0.2.9)
    rack-protection (1.5.3)
      rack
    rack-test (0.5.7)
      rack (>= 1.0)
    redis (3.2.0)
    rspec (2.14.1)
      rspec-core (~> 2.14.0)
      rspec-expectations (~> 2.14.0)
      rspec-mocks (~> 2.14.0)
    rspec-core (2.14.8)
    rspec-expectations (2.14.5)
      diff-lcs (>= 1.1.3, < 2.0)
    rspec-mocks (2.14.6)
    safe_yaml (1.0.4)
    sinatra (1.4.8)
      rack (~> 1.5)
      rack-protection (~> 1.4)
      tilt (>= 1.3, < 3)
    sinatra-advanced-routes (0.5.3)
      sinatra (~> 1.0)
    sinatra-reloader (0.5.0)
      sinatra (~> 1.0)
      sinatra-advanced-routes (~> 0.5.0)
    systemu (2.6.5)
    tilt (2.0.8)
    uuid (2.3.1)
      macaddr (~> 1.0)
    webmock (3.1.0)
      addressable (>= 2.3.6)
      crack (>= 0.3.2)
      hashdiff

PLATFORMS
  ruby

DEPENDENCIES
  aws-sdk (= 2.10.26)
  aws-sdk-v1 (= 1.66.0)
  builder (= 3.1.4)
  httparty (= 0.15.6)
  json (= 1.8.6)
  json_pure (= 1.8.6)
  monkey-lib (= 0.5.4)
  pry
  rack (= 1.5.2)
  rack-cors (= 0.2.9)
  rack-test (= 0.5.7)
  redis (= 3.2.0)
  rspec (= 2.14.1)
  sinatra (= 1.4.8)
  sinatra-reloader (= 0.5.0)
  uuid (= 2.3.1)
  webmock (= 3.1.0)

BUNDLED WITH
   1.15.4
