GEM
  remote: http://rubygems.org/
  specs:
    aws-sdk (1.35.0)
      json (~> 1.4)
      nokogiri (>= 1.4.4)
      uuidtools (~> 2.1)
    builder (3.1.0)
    diff-lcs (1.2.5)
    json (1.8.1)
    macaddr (1.6.7)
      systemu (~> 2.6.2)
    mini_portile (0.5.2)
    nokogiri (1.6.1)
      mini_portile (~> 0.5.0)
    rack (1.5.2)
    rack-cors (0.2.9)
    rack-protection (1.5.2)
      rack
    rack-test (0.5.7)
      rack (>= 1.0)
    redis (3.0.1)
    rspec (2.14.1)
      rspec-core (~> 2.14.0)
      rspec-expectations (~> 2.14.0)
      rspec-mocks (~> 2.14.0)
    rspec-core (2.14.8)
    rspec-expectations (2.14.5)
      diff-lcs (>= 1.1.3, < 2.0)
    rspec-mocks (2.14.6)
    sinatra (1.4.2)
      rack (~> 1.5, >= 1.5.2)
      rack-protection (~> 1.4)
      tilt (~> 1.3, >= 1.3.4)
    sinatra-advanced-routes (0.5.3)
      sinatra (~> 1.0)
    sinatra-reloader (0.5.0)
      sinatra (~> 1.0)
      sinatra-advanced-routes (~> 0.5.0)
    systemu (2.6.4)
    tilt (1.4.1)
    uuid (2.3.1)
      macaddr (~> 1.0)
    uuidtools (2.1.4)

PLATFORMS
  ruby

DEPENDENCIES
  aws-sdk (= 1.35.0)
  builder (= 3.1.0)
  rack (= 1.5.2)
  rack-cors (= 0.2.9)
  rack-test (= 0.5.7)
  redis (= 3.0.1)
  rspec (= 2.14.1)
  sinatra (= 1.4.2)
  sinatra-reloader (= 0.5.0)
  uuid (= 2.3.1)
