PATH
  remote: .
  specs:
    clientside_aws (0.0.3)
      aws-sdk (= 1.35.0)
      builder (= 3.1.4)
      httparty (= 0.11.0)
      monkey-lib (= 0.5.4)
      rack (= 1.5.2)
      rack-cors (= 0.2.9)
      redis (= 3.0.1)
      sinatra (= 1.4.2)
      sinatra-reloader (= 0.5.0)
      sinatra-sugar (= 0.5.1)
      uuid (= 2.3.1)

GEM
  remote: https://rubygems.org/
  specs:
    aws-sdk (1.35.0)
      json (~> 1.4)
      nokogiri (>= 1.4.4)
      uuidtools (~> 2.1)
    backports (3.6.3)
    builder (3.1.4)
    diff-lcs (1.2.5)
    httparty (0.11.0)
      multi_json (~> 1.0)
      multi_xml (>= 0.5.2)
    json (1.8.1)
    macaddr (1.7.1)
      systemu (~> 2.6.2)
    mini_portile (0.6.1)
    monkey-lib (0.5.4)
      backports
    multi_json (1.10.1)
    multi_xml (0.5.5)
    nokogiri (1.6.4)
      mini_portile (~> 0.6.0)
    rack (1.5.2)
    rack-cors (0.2.9)
    rack-protection (1.5.3)
      rack
    rack-test (0.5.7)
      rack (>= 1.0)
    redis (3.0.1)
    rspec (2.14.1)
      rspec-core (~> 2.14.0)
      rspec-expectations (~> 2.14.0)
      rspec-mocks (~> 2.14.0)
    rspec-core (2.14.8)
    rspec-expectations (2.14.5)
      diff-lcs (>= 1.1.3, < 2.0)
    rspec-mocks (2.14.6)
    sinatra (1.4.2)
      rack (~> 1.5, >= 1.5.2)
      rack-protection (~> 1.4)
      tilt (~> 1.3, >= 1.3.4)
    sinatra-advanced-routes (0.5.3)
      sinatra (~> 1.0)
    sinatra-reloader (0.5.0)
      sinatra (~> 1.0)
      sinatra-advanced-routes (~> 0.5.0)
    sinatra-sugar (0.5.1)
      monkey-lib (~> 0.5.0)
      sinatra (~> 1.0)
    systemu (2.6.4)
    tilt (1.4.1)
    uuid (2.3.1)
      macaddr (~> 1.0)
    uuidtools (2.1.5)

PLATFORMS
  ruby

DEPENDENCIES
  clientside_aws!
  rack-test (= 0.5.7)
  rspec (= 2.14.1)
